GIT
  remote: git://github.com/cloudapp/cloudapp.git
  revision: d406beeb2d5adbb813effa91356bd34eb8d64cb4
  specs:
    cloudapp (2.0.0.beta.4)
      leadlight (~> 0.0.7)
      typhoeus (~> 0.3.3)

PATH
  remote: .
  specs:
    cloudapp-cli (1.0.0.beta.6)
      clipboard
      cloudapp (~> 2.0.0.beta.3)
      ffi-ncurses
      highline
      ruby-termios

GEM
  remote: http://rubygems.org/
  specs:
    addressable (2.2.8)
    clipboard (1.0.1)
    diff-lcs (1.1.3)
    fail-fast (1.0.0)
    faraday (0.8.1)
      multipart-post (~> 1.1)
    fattr (2.2.1)
    ffi (1.1.5)
    ffi-locale (1.0.1)
      ffi (>= 1.0.9)
    ffi-ncurses (0.4.0)
      ffi (>= 1.0.9)
      ffi-locale (>= 1.0.0)
    highline (1.6.13)
    hookr (1.1.1)
      fail-fast (= 1.0.0)
    hpricot (0.8.6)
    leadlight (0.0.7)
      addressable (~> 2.2.0)
      faraday (= 0.8.1)
      fattr
      hookr
      link_header
      mime-types
      multi_json (~> 1.0.4)
    link_header (0.0.5)
    mime-types (1.19)
    multi_json (1.0.4)
    multipart-post (1.1.5)
    mustache (0.99.4)
    rake (0.9.2.2)
    rdiscount (1.6.8)
    ronn (0.7.3)
      hpricot (>= 0.8.2)
      mustache (>= 0.7.0)
      rdiscount (>= 1.5.8)
    rspec (2.11.0)
      rspec-core (~> 2.11.0)
      rspec-expectations (~> 2.11.0)
      rspec-mocks (~> 2.11.0)
    rspec-core (2.11.1)
    rspec-expectations (2.11.2)
      diff-lcs (~> 1.1.3)
    rspec-mocks (2.11.2)
    ruby-termios (0.9.6)
    typhoeus (0.3.3)
      mime-types

PLATFORMS
  ruby

DEPENDENCIES
  cloudapp!
  cloudapp-cli!
  rake
  ronn
  rspec
