PATH
  remote: .
  specs:
    cloudapp-cli (2.0.0.beta.1)
      cloudapp
      gli
      highline

PATH
  remote: ~/Code/cloudapp
  specs:
    cloudapp (2.0.0.beta.1)
      addressable
      faraday (~> 0.8.0.rc2)
      leadlight (~> 0.0.5)
      typhoeus

GEM
  remote: http://rubygems.org/
  specs:
    addressable (2.2.8)
    diff-lcs (1.1.3)
    fail-fast (1.0.0)
    faraday (0.8.0)
      multipart-post (~> 1.1)
    fattr (2.2.1)
    gli (1.6.0)
    highline (1.6.12)
    hookr (1.1.1)
      fail-fast (= 1.0.0)
    hpricot (0.8.6)
    leadlight (0.0.5)
      addressable
      faraday
      fattr
      hookr
      link_header
      mime-types
      multi_json (~> 1.0.4)
    link_header (0.0.5)
    mime-types (1.18)
    multi_json (1.0.4)
    multipart-post (1.1.5)
    mustache (0.99.4)
    rake (0.9.2.2)
    rdiscount (1.6.8)
    ronn (0.7.3)
      hpricot (>= 0.8.2)
      mustache (>= 0.7.0)
      rdiscount (>= 1.5.8)
    rspec (2.9.0)
      rspec-core (~> 2.9.0)
      rspec-expectations (~> 2.9.0)
      rspec-mocks (~> 2.9.0)
    rspec-core (2.9.0)
    rspec-expectations (2.9.0)
      diff-lcs (~> 1.1.3)
    rspec-mocks (2.9.0)
    typhoeus (0.3.3)
      mime-types

PLATFORMS
  ruby

DEPENDENCIES
  cloudapp!
  cloudapp-cli!
  rake
  ronn
  rspec
